GIT
  remote: https://github.com/zombocom/mini_histogram.git
  revision: adf97ec56c394ac28806196191a6ca9642e58d32
  specs:
    mini_histogram (0.1.3)

GEM
  remote: https://rubygems.org/
  specs:
    rake (13.0.1)

PLATFORMS
  ruby

DEPENDENCIES
  mini_histogram!
  rake

